PATH
  remote: .
  specs:
    active_record-events (2.2.0)
      activerecord (>= 3.0)
      verbs (~> 2.1)

GEM
  remote: https://rubygems.org/
  specs:
    actionpack (5.2.2.1)
      actionview (= 5.2.2.1)
      activesupport (= 5.2.2.1)
      rack (~> 2.0)
      rack-test (>= 0.6.3)
      rails-dom-testing (~> 2.0)
      rails-html-sanitizer (~> 1.0, >= 1.0.2)
    actionview (5.2.2.1)
      activesupport (= 5.2.2.1)
      builder (~> 3.1)
      erubi (~> 1.4)
      rails-dom-testing (~> 2.0)
      rails-html-sanitizer (~> 1.0, >= 1.0.3)
    activemodel (5.2.2.1)
      activesupport (= 5.2.2.1)
    activerecord (5.2.2.1)
      activemodel (= 5.2.2.1)
      activesupport (= 5.2.2.1)
      arel (>= 9.0)
    activesupport (5.2.2.1)
      concurrent-ruby (~> 1.0, >= 1.0.2)
      i18n (>= 0.7, < 2)
      minitest (~> 5.1)
      tzinfo (~> 1.1)
    appraisal (2.1.0)
      bundler
      rake
      thor (>= 0.14.0)
    arel (9.0.0)
    builder (3.2.3)
    concurrent-ruby (1.1.5)
    crass (1.0.5)
    diff-lcs (1.2.5)
    erubi (1.8.0)
    factory_girl (4.8.0)
      activesupport (>= 3.0.0)
    i18n (1.6.0)
      concurrent-ruby (~> 1.0)
    loofah (2.4.0)
      crass (~> 1.0.2)
      nokogiri (>= 1.5.9)
    method_source (0.9.2)
    mini_portile2 (2.1.0)
    minitest (5.11.3)
    nokogiri (1.6.8.1)
      mini_portile2 (~> 2.1.0)
    rack (2.0.6)
    rack-test (1.1.0)
      rack (>= 1.0, < 3)
    rails-dom-testing (2.0.3)
      activesupport (>= 4.2.0)
      nokogiri (>= 1.6)
    rails-html-sanitizer (1.0.4)
      loofah (~> 2.2, >= 2.2.2)
    railties (5.2.2.1)
      actionpack (= 5.2.2.1)
      activesupport (= 5.2.2.1)
      method_source
      rake (>= 0.8.7)
      thor (>= 0.19.0, < 2.0)
    rake (12.3.2)
    rspec (3.5.0)
      rspec-core (~> 3.5.0)
      rspec-expectations (~> 3.5.0)
      rspec-mocks (~> 3.5.0)
    rspec-core (3.5.4)
      rspec-support (~> 3.5.0)
    rspec-expectations (3.5.0)
      diff-lcs (>= 1.2.0, < 2.0)
      rspec-support (~> 3.5.0)
    rspec-mocks (3.5.0)
      diff-lcs (>= 1.2.0, < 2.0)
      rspec-support (~> 3.5.0)
    rspec-support (3.5.0)
    sqlite3 (1.3.13)
    standalone_migrations (5.2.7)
      activerecord (>= 4.2.7, < 5.3.0)
      railties (>= 4.2.7, < 5.3.0)
      rake (>= 10.0)
    thor (0.20.3)
    thread_safe (0.3.6)
    timecop (0.8.1)
    tzinfo (1.2.5)
      thread_safe (~> 0.1)
    verbs (2.1.4)
      activesupport (>= 2.3.4)
      i18n

PLATFORMS
  ruby

DEPENDENCIES
  active_record-events!
  appraisal
  factory_girl
  rspec
  sqlite3 (~> 1.3.13)
  standalone_migrations
  timecop

BUNDLED WITH
   1.16.6
